GEM
  remote: https://rubygems.org/
  specs:
    dino (0.11.2)
      serialport
    minitest (5.0.6)
    rack (1.5.2)
    rack-protection (1.5.0)
      rack
    rack-test (0.6.2)
      rack (>= 1.0)
    serialport (1.1.0)
    sinatra (1.4.3)
      rack (~> 1.4)
      rack-protection (~> 1.4)
      tilt (~> 1.3, >= 1.3.4)
    tilt (1.4.1)

PLATFORMS
  ruby

DEPENDENCIES
  dino (~> 0.11.2)
  minitest (~> 5.0.6)
  rack-test (~> 0.6.2)
  sinatra (~> 1.4.3)
